GEM
  remote: https://rubygems.org/
  specs:
    rake (10.4.2)
    ruby_motion_query (1.6.1)

PLATFORMS
  ruby

DEPENDENCIES
  rake
  ruby_motion_query
