GEM
  remote: https://rubygems.org/
  specs:
    bubble-wrap (1.8.0)
    formotion (1.8)
      bubble-wrap (>= 1.4.0)
      motion-require (>= 0.1.0)
    motion-require (0.2.0)
    motion-support (0.2.6)
      motion-require (>= 0.0.6)
    motion_model (0.6.2)
      bubble-wrap (>= 1.3.0)
      motion-support (>= 0.1.0)
    rake (10.4.2)

PLATFORMS
  ruby

DEPENDENCIES
  formotion
  motion_model
  rake
